GEM
  remote: http://rubygems.org/
  specs:
    RedCloth (4.2.9)
    adsf (1.0.1)
      rack (>= 1.0.0)
    builder (3.0.0)
    coderay (1.0.5)
    cri (2.1.0)
    mime-types (1.17.2)
    nanoc (3.2.4)
      nanoc3 (>= 3.2.4)
    nanoc3 (3.2.4)
      cri (~> 2.0)
    nokogiri (1.5.0)
    rack (1.4.1)

PLATFORMS
  ruby

DEPENDENCIES
  RedCloth
  adsf
  builder
  coderay
  mime-types
  nanoc
  nokogiri
  rack
